GEM
  remote: http://rubygems.org/
  specs:
    anemone (0.7.2)
      nokogiri (>= 1.3.0)
      robotex (>= 1.0.0)
    builder (3.1.4)
    capistrano-buildpack (0.0.2)
    cssmin (1.0.2)
    docverter (0.0.7)
      rest-client (~> 1.6.7)
    execjs (1.4.0)
      multi_json (~> 1.0)
    foreman (0.27.0)
      term-ansicolor (~> 1.0.5)
      thor (>= 0.13.6)
    gibbon (0.4.2)
      httparty
      json
    httparty (0.9.0)
      multi_json (~> 1.0)
      multi_xml
    json (1.7.7)
    libv8 (3.3.10.4)
    libxml-ruby (2.2.2)
    mime-types (1.19)
    multi_json (1.3.6)
    multi_xml (0.5.1)
    nokogiri (1.5.6)
    posix-spawn (0.3.6)
    puma (1.6.3)
      rack (~> 1.2)
    pygments.rb (0.4.2)
      posix-spawn (~> 0.3.6)
      yajl-ruby (~> 1.1.0)
    rack (1.5.2)
    rack-protection (1.1.4)
      rack
    rake (0.9.2.2)
    ratom (0.6.10)
      libxml-ruby (>= 1.1.2)
    redcarpet (2.0.1)
    redis (3.0.4)
    redis-namespace (1.3.0)
      redis (~> 3.0.0)
    rest-client (1.6.7)
      mime-types (>= 1.16)
    robotex (1.0.0)
    shotgun (0.9)
      rack (>= 1.0)
    sinatra (1.3.1)
      rack (~> 1.3, >= 1.3.4)
      rack-protection (~> 1.1, >= 1.1.2)
      tilt (~> 1.3, >= 1.3.3)
    sinatra-simple-assets (0.0.5)
      cssmin (~> 1.0.2)
      sinatra (~> 1.3.0)
      uglifier (~> 1.2.0)
    split (0.4.5)
      redis (>= 2.1)
      redis-namespace (>= 1.1.0)
      sinatra (>= 1.2.6)
    term-ansicolor (1.0.7)
    therubyracer (0.10.2)
      libv8 (~> 3.3.10)
    thor (0.14.6)
    tilt (1.3.3)
    uglifier (1.2.7)
      execjs (>= 0.3.0)
      multi_json (~> 1.3)
    whistlepig (0.12)
    xml-sitemap (1.2.2)
      builder (>= 2.0)
    yajl-ruby (1.1.0)

PLATFORMS
  ruby

DEPENDENCIES
  anemone
  capistrano-buildpack
  docverter (>= 0.0.7)
  foreman
  gibbon
  puma
  pygments.rb
  rack (>= 1.3.10)
  rake
  ratom
  redcarpet
  shotgun
  sinatra
  sinatra-simple-assets
  split
  therubyracer
  whistlepig
  xml-sitemap
