GEM
  remote: http://rubygems.org/
  specs:
    foreman (0.27.0)
      term-ansicolor (~> 1.0.5)
      thor (>= 0.13.6)
    kgio (2.7.0)
    libxml-ruby (2.2.2)
    rack (1.3.5)
    rack-force_domain (0.2.0)
    rack-protection (1.1.4)
      rack
    raindrops (0.8.0)
    rake (0.9.2.2)
    ratom (0.6.10)
      libxml-ruby (>= 1.1.2)
    redcarpet (2.0.1)
    shotgun (0.9)
      rack (>= 1.0)
    sinatra (1.3.1)
      rack (~> 1.3, >= 1.3.4)
      rack-protection (~> 1.1, >= 1.1.2)
      tilt (~> 1.3, >= 1.3.3)
    term-ansicolor (1.0.7)
    thor (0.14.6)
    tilt (1.3.3)
    unicorn (4.1.1)
      kgio (~> 2.4)
      rack
      raindrops (~> 0.6)

PLATFORMS
  ruby

DEPENDENCIES
  foreman
  rack-force_domain
  rake
  ratom
  redcarpet
  shotgun
  sinatra
  unicorn
